GEM
  remote: http://gemcutter.org/
  specs:
    haml (3.0.25)
    rack (1.2.1)
    sinatra (1.1.3)
      rack (~> 1.1)
      tilt (>= 1.2.2, < 2.0)
    tilt (1.2.2)
    tzinfo (0.3.24)

PLATFORMS
  ruby

DEPENDENCIES
  haml
  sinatra
  tzinfo
